GEM
  specs:
    json (1.8.2)
    mime-types (1.25.1)
    netrc (0.8.0)
    puma (2.11.3)
      rack (>= 1.1, < 2.0)
    qiniu (6.2.4)
      json (~> 1.7)
      mime-types (~> 1.19)
      rest-client (~> 1.6)
      ruby-hmac (~> 0.4)
    rack (1.6.0)
    rack-protection (1.5.3)
      rack
    rest-client (1.7.2)
      mime-types (>= 1.16, < 3.0)
      netrc (~> 0.7)
    ruby-hmac (0.4.0)
    sinatra (1.4.6)
      rack (~> 1.4)
      rack-protection (~> 1.4)
      tilt (>= 1.3, < 3)
    tilt (1.4.1)

PLATFORMS
  ruby

DEPENDENCIES
  puma (~> 2.11.3)
  qiniu (~> 6.2.1)
  sinatra (~> 1.4.6)
